GEM
  remote: https://rubygems.org/
  specs:
    ffi (1.9.17)
    rb-inotify (0.9.7)
      ffi (>= 0.5.0)

PLATFORMS
  ruby

DEPENDENCIES
  rb-inotify

BUNDLED WITH
   1.13.1
